GEM
  remote: https://rubygems.org/
  specs:
    ffi (1.9.18)
    pycall (0.1.0.alpha.20170317)
      ffi

PLATFORMS
  ruby

DEPENDENCIES
  pycall

BUNDLED WITH
   1.12.5
